GEM
  remote: https://rubygems.org/
  specs:
    sorbet (0.4.4788)
      sorbet-static (= 0.4.4788)
    sorbet-runtime (0.4.4788)
    sorbet-static (0.4.4788-universal-darwin-14)

PLATFORMS
  ruby

DEPENDENCIES
  sorbet
  sorbet-runtime

RUBY VERSION
   ruby 2.4.7p357

BUNDLED WITH
   1.17.3
