GEM
  remote: https://rubygems.org/
  specs:
    sorbet (0.4.4869)
      sorbet-static (= 0.4.4869)
    sorbet-runtime (0.4.4869)
    sorbet-static (0.4.4869-universal-darwin-14)

PLATFORMS
  ruby

DEPENDENCIES
  sorbet
  sorbet-runtime

RUBY VERSION
   ruby 2.4.9p362

BUNDLED WITH
   1.17.3
